GEM
  remote: https://rubygems.org/
  specs:
    haml (4.0.0)
      tilt
    json (1.7.7)
    rack (1.4.5)
    sass (3.2.7)
    sinatra (1.0)
      rack (>= 1.0)
    tilt (1.3.7)

PLATFORMS
  ruby

DEPENDENCIES
  haml
  json
  sass
  sinatra
